GEM
  remote: https://rubygems.org/
  specs:
    backports (3.6.4)
    daemons (1.2.2)
    encrypted_cookie (0.0.4)
    eventmachine (1.0.7)
    melodiest (0.3.0)
      encrypted_cookie (= 0.0.4)
      sinatra (= 1.4.6)
      sinatra-contrib (= 1.4.2)
    multi_json (1.11.0)
    pg (0.18.2)
    rack (1.6.1)
    rack-protection (1.5.3)
      rack
    rack-test (0.6.3)
      rack (>= 1.0)
    rack_csrf (2.5.0)
      rack (>= 1.1.0)
    sequel (4.22.0)
    sequel_pg (1.6.12)
      pg (>= 0.8.0)
      sequel (>= 3.39.0)
    sinatra (1.4.6)
      rack (~> 1.4)
      rack-protection (~> 1.4)
      tilt (>= 1.3, < 3)
    sinatra-contrib (1.4.2)
      backports (>= 2.0)
      multi_json
      rack-protection
      rack-test
      sinatra (~> 1.4.0)
      tilt (~> 1.3)
    thin (1.6.3)
      daemons (~> 1.0, >= 1.0.9)
      eventmachine (~> 1.0)
      rack (~> 1.0)
    tilt (1.4.1)

PLATFORMS
  ruby

DEPENDENCIES
  melodiest (= 0.3.0)
  rack_csrf
  sequel
  sequel_pg
  thin
