GEM
  remote: https://rubygems.org/
  specs:
    backports (3.11.0)
    bond (0.5.1)
    concurrent-ruby (1.0.5)
    encrypted_cookie (0.0.5)
      rack (>= 1.1, < 3)
    execjs (2.7.0)
    ffi (1.9.18)
    multi_json (1.13.1)
    mustermann (1.0.1)
    pg (1.0.0)
    puma (3.11.0)
    rack (2.0.3)
    rack-protection (2.0.0)
      rack
    rack-test (0.6.3)
      rack (>= 1.0)
    rack_csrf (2.6.0)
      rack (>= 1.1.0)
    rb-fsevent (0.10.2)
    rb-inotify (0.9.10)
      ffi (>= 0.5.0, < 2)
    ripl (0.7.1)
      bond (~> 0.5.1)
    ripl-multi_line (0.3.1)
      ripl (>= 0.3.6)
    ripl-rack (0.2.1)
      rack (>= 1.0)
      rack-test (~> 0.6.2)
      ripl (>= 0.7.0)
    sass (3.5.5)
      sass-listen (~> 4.0.0)
    sass-listen (4.0.0)
      rb-fsevent (~> 0.9, >= 0.9.4)
      rb-inotify (~> 0.9, >= 0.9.7)
    sequel (5.4.0)
    sequel_pg (1.8.1)
      pg (>= 0.18.0)
      sequel (>= 4.34.0)
    sinatra (2.0.0)
      mustermann (~> 1.0)
      rack (~> 2.0)
      rack-protection (= 2.0.0)
      tilt (~> 2.0)
    sinatra-contrib (2.0.0)
      backports (>= 2.0)
      multi_json
      mustermann (~> 1.0)
      rack-protection (= 2.0.0)
      sinatra (= 2.0.0)
      tilt (>= 1.3, < 3)
    sprockets (3.7.1)
      concurrent-ruby (~> 1.0)
      rack (> 1, < 3)
    tilt (2.0.8)
    tux (0.3.0)
      ripl (>= 0.3.5)
      ripl-multi_line (>= 0.2.4)
      ripl-rack (>= 0.2.0)
      sinatra (>= 1.2.1)
    uglifier (4.1.3)
      execjs (>= 0.3.0, < 3)

PLATFORMS
  ruby

DEPENDENCIES
  encrypted_cookie (= 0.0.5)
  puma (= 3.11.0)
  rack_csrf (= 2.6.0)
  sass (= 3.5.5)
  sequel (= 5.4.0)
  sequel_pg (= 1.8.1)
  sinatra (= 2.0.0)
  sinatra-contrib (= 2.0.0)
  sprockets (= 3.7.1)
  tux (= 0.3.0)
  uglifier (= 4.1.3)

BUNDLED WITH
   1.15.3
